GEM
  specs:
    activesupport (4.2.6)
      i18n (~> 0.7)
      json (~> 1.7, >= 1.7.7)
      minitest (~> 5.1)
      thread_safe (~> 0.3, >= 0.3.4)
      tzinfo (~> 1.1)
    bomdb (0.7.1)
      colorize (~> 0.7)
      constellation (~> 0.1)
      levenshtein-ffi (~> 1.1)
      mericope (~> 0.1.1)
      sequel (~> 4.21)
      sqlite3 (~> 1.3)
      text_clean (~> 0)
      thor (~> 0.19)
    colorize (0.7.7)
    constellation (0.1.1)
      multi_json
    ffi (1.9.10)
    i18n (0.7.0)
    json (1.8.3)
    kj (0.0.16)
      sqlite3 (~> 1.3)
    levenshtein-ffi (1.1.0)
      ffi (~> 1.9)
    mericope (0.1.1)
      activesupport (~> 4.0)
    minitest (5.9.0)
    multi_json (1.12.1)
    sequel (4.35.0)
    sqlite3 (1.3.11)
    text_clean (0.2.2)
    thor (0.19.1)
    thread_safe (0.3.5)
    tzinfo (1.2.2)
      thread_safe (~> 0.1)

PLATFORMS
  ruby

DEPENDENCIES
  bomdb
  kj

BUNDLED WITH
   1.12.5
